GEM
  remote: https://rubygems.org/
  specs:
    amatch (0.4.0)
      mize
      tins (~> 1.0)
    awesome_print (1.8.0)
    chardet (0.9.0)
    colored (1.2)
    damerau-levenshtein (1.3.1)
    fuzzy_match (2.1.0)
    mini_portile2 (2.8.1)
    mize (0.3.5)
      protocol
    nokogiri (1.14.3)
      mini_portile2 (~> 2.8.0)
      racc (~> 1.4)
    protocol (1.0.1)
      ruby_parser (~> 3.0)
    racc (1.6.2)
    rchardet (1.8.0)
    roo (2.8.2)
      nokogiri (~> 1)
      rubyzip (>= 1.2.1, < 2.0.0)
    ruby-ole (1.2.12.2)
    ruby_parser (3.13.1)
      sexp_processor (~> 4.9)
    rubyzip (1.3.0)
    sexp_processor (4.12.1)
    spreadsheet (1.2.4)
      ruby-ole (>= 1.0)
    tins (1.21.1)

PLATFORMS
  ruby

DEPENDENCIES
  amatch (~> 0.4.0)
  awesome_print (~> 1.8)
  chardet (~> 0.9.0)
  colored
  damerau-levenshtein (~> 1.3)
  fuzzy_match (~> 2.1)
  rchardet (~> 1.8)
  roo
  spreadsheet (~> 1.2)

BUNDLED WITH
   1.16.6
