GEM
  remote: https://rubygems.org/
  specs:
    awesome_print (1.8.0)
    chardet (0.9.0)
    rchardet (1.8.0)
    ruby-ole (1.2.12.2)
    spreadsheet (1.2.4)
      ruby-ole (>= 1.0)

PLATFORMS
  ruby

DEPENDENCIES
  awesome_print (~> 1.8)
  chardet (~> 0.9.0)
  rchardet (~> 1.8)
  spreadsheet (~> 1.2)

BUNDLED WITH
   1.16.6
